GEM
  remote: https://rubygems.org/
  specs:
    coderay (1.1.0)
    method_source (0.8.2)
    mini_portile (0.6.0)
    net-http-persistent (2.9.4)
    nokogiri (1.6.2.1)
      mini_portile (= 0.6.0)
    pry (0.9.12.6)
      coderay (~> 1.0)
      method_source (~> 0.8)
      slop (~> 3.4)
    slop (3.5.0)

PLATFORMS
  ruby

DEPENDENCIES
  net-http-persistent
  nokogiri
  pry
